GEM
  remote: http://rubygems.org/
  specs:
    activemodel (3.2.9)
      activesupport (= 3.2.9)
      builder (~> 3.0.0)
    activerecord (3.2.9)
      activemodel (= 3.2.9)
      activesupport (= 3.2.9)
      arel (~> 3.0.2)
      tzinfo (~> 0.3.29)
    activesupport (3.2.9)
      i18n (~> 0.6)
      multi_json (~> 1.0)
    addressable (2.3.5)
    akami (1.2.0)
      gyoku (>= 0.4.0)
      nokogiri (>= 1.4.0)
    arel (3.0.3)
    builder (3.0.4)
    childprocess (0.3.9)
      ffi (~> 1.0, >= 1.0.11)
    chromedriver-helper (0.0.5)
      nokogiri
    colorize (0.6.0)
    cookiejar (0.3.0)
    crack (0.4.1)
      safe_yaml (~> 0.9.0)
    cucumber (1.3.10)
      builder (>= 2.1.2)
      diff-lcs (>= 1.1.3)
      gherkin (~> 2.12)
      multi_json (>= 1.7.5, < 2.0)
      multi_test (>= 0.0.2)
    daemons (1.1.9)
    data_magic (0.16.1)
      faker (>= 1.1.2)
      yml_reader (>= 0.2)
    diff-lcs (1.2.5)
    em-http-request (1.1.2)
      addressable (>= 2.3.4)
      cookiejar
      em-socksify (>= 0.3)
      eventmachine (>= 1.0.3)
      http_parser.rb (>= 0.6.0)
    em-socksify (0.3.0)
      eventmachine (>= 1.0.0.beta.4)
    em-synchrony (1.0.3)
      eventmachine (>= 1.0.0.beta.1)
    eventmachine (1.0.3)
    faker (1.2.0)
      i18n (~> 0.5)
    ffi (1.9.3)
    gherkin (2.12.2)
      multi_json (~> 1.3)
    gyoku (1.1.1)
      builder (>= 2.1.2)
    http_parser.rb (0.6.0)
    httpi (2.1.0)
      rack
      rubyntlm (~> 0.3.2)
    i18n (0.6.9)
    mail (2.5.4)
      mime-types (~> 1.16)
      treetop (~> 1.4.8)
    mime-types (1.25.1)
    mini_portile (0.5.2)
    multi_json (1.8.4)
    multi_test (0.0.3)
    mysql2 (0.3.14)
    nokogiri (1.6.1)
      mini_portile (~> 0.5.0)
    nori (2.3.0)
    page-object (0.9.4)
      page_navigation (>= 0.8)
      selenium-webdriver (>= 2.37.0)
      watir-webdriver (>= 0.6.4)
    page_navigation (0.9)
      data_magic (>= 0.14)
    polyglot (0.3.3)
    pony (1.6.2)
      mail (>= 2.0)
    rack (1.5.2)
    rack-fiber_pool (0.9.3)
    rack-protection (1.5.1)
      rack
    rack-ssl-enforcer (0.2.6)
    rake (10.1.1)
    rspec (2.14.1)
      rspec-core (~> 2.14.0)
      rspec-expectations (~> 2.14.0)
      rspec-mocks (~> 2.14.0)
    rspec-core (2.14.7)
    rspec-expectations (2.14.4)
      diff-lcs (>= 1.1.3, < 2.0)
    rspec-mocks (2.14.4)
    ruby-debug-ide (0.4.22)
      rake (>= 0.8.1)
    rubyntlm (0.3.4)
    rubyzip (1.1.0)
    safe_yaml (0.9.7)
    savon (2.3.3)
      akami (~> 1.2.0)
      builder (>= 2.1.2)
      gyoku (~> 1.1.0)
      httpi (~> 2.1.0)
      nokogiri (>= 1.4.0)
      nori (~> 2.3.0)
      wasabi (~> 3.2.2)
    selenium-webdriver (2.39.0)
      childprocess (>= 0.2.5)
      multi_json (~> 1.0)
      rubyzip (~> 1.0)
      websocket (~> 1.0.4)
    sinatra (1.4.4)
      rack (~> 1.4)
      rack-protection (~> 1.4)
      tilt (~> 1.3, >= 1.3.4)
    thin (1.6.1)
      daemons (>= 1.0.9)
      eventmachine (>= 1.0.0)
      rack (>= 1.0.0)
    tilt (1.4.1)
    treetop (1.4.15)
      polyglot
      polyglot (>= 0.3.1)
    tzinfo (0.3.38)
    uagent (0.0.4)
    wasabi (3.2.3)
      httpi (~> 2.0)
      mime-types (< 2.0.0)
      nokogiri (>= 1.4.0)
    watir-webdriver (0.6.4)
      selenium-webdriver (>= 2.18.0)
    webmock (1.16.1)
      addressable (>= 2.2.7)
      crack (>= 0.3.2)
    websocket (1.0.7)
    yml_reader (0.2)

PLATFORMS
  ruby

DEPENDENCIES
  activemodel (= 3.2.9)
  activerecord (= 3.2.9)
  activesupport (= 3.2.9)
  chromedriver-helper
  colorize
  cucumber
  em-http-request
  em-synchrony
  mysql2
  page-object
  pony
  rack-fiber_pool
  rack-ssl-enforcer
  rake
  rspec
  ruby-debug-ide
  savon
  sinatra
  thin
  uagent
  watir-webdriver
  webmock
